GEM
  remote: https://rubygems.org/
  specs:
    backports (3.11.0)
    dawg (0.0.5)
    greeb (0.2.4)
    morphy (0.0.5)
      dawg (~> 0.0, >= 0.0.4)
    mysql2 (0.4.10)
    mysql2 (0.4.10-x86-mingw32)
    nmatrix (0.2.4)
      packable (~> 1.3, >= 1.3.5)
    oj (2.18.5)
    packable (1.3.9)
      backports
    yandex_mystem (3.0.1)
      oj (~> 2.11)

PLATFORMS
  ruby
  x86-mingw32

DEPENDENCIES
  greeb
  morphy
  mysql2
  nmatrix
  yandex_mystem

BUNDLED WITH
   1.16.1
